GEM
  remote: https://rubygems.org/
  specs:
    amq-protocol (2.2.0)
    bunny (2.7.0)
      amq-protocol (>= 2.2.0)
    coderay (1.1.1)
    method_source (0.8.2)
    mqtt (0.4.0)
    pry (0.10.4)
      coderay (~> 1.1.0)
      method_source (~> 0.8.1)
      slop (~> 3.4)
    slop (3.6.0)

PLATFORMS
  ruby

DEPENDENCIES
  bunny
  mqtt
  pry

BUNDLED WITH
   1.13.7
